GIT
  remote: git://github.com/drtoast/jekyll.git
  revision: 5091e711147594412ce576c813070009575fe722
  specs:
    jekyll (0.11.0)
      albino (~> 1.3)
      classifier (~> 1.3)
      directory_watcher (~> 1.1)
      kramdown (~> 0.13)
      liquid (~> 2.3)
      maruku (~> 0.5)

GEM
  remote: http://rubygems.org/
  specs:
    albino (1.3.3)
      posix-spawn (>= 0.3.6)
    classifier (1.3.3)
      fast-stemmer (>= 1.0.0)
    directory_watcher (1.4.1)
    fast-stemmer (1.0.0)
    kramdown (0.13.3)
    liquid (2.3.0)
    maruku (0.6.0)
      syntax (>= 1.0.0)
    posix-spawn (0.3.6)
    syntax (1.0.0)

PLATFORMS
  ruby

DEPENDENCIES
  jekyll!
